GEM
  remote: https://rubygems.org/
  specs:
    addressable (2.3.2)
    httparty (0.8.3)
      multi_json (~> 1.0)
      multi_xml
    multi_json (1.5.0)
    multi_xml (0.5.1)
    rack (1.4.4)
    rack-protection (1.3.2)
      rack
    redis (3.0.2)
    sinatra (1.3.3)
      rack (~> 1.3, >= 1.3.6)
      rack-protection (~> 1.2)
      tilt (~> 1.3, >= 1.3.3)
    tilt (1.3.3)

PLATFORMS
  ruby

DEPENDENCIES
  addressable
  httparty
  redis
  sinatra
